GIT
  remote: https://github.com/alexjg/getsource.git
  revision: 43417d97fb1391548659c513c257cf019e409d9b
  specs:
    getsource (0.2.2)

GEM
  specs:

PLATFORMS
  ruby

DEPENDENCIES
  getsource (= 0.2.2)!

BUNDLED WITH
   1.17.2
