GEM
  remote: https://rubygems.org/
  specs:
    getsource (0.2.2)

PLATFORMS
  ruby

DEPENDENCIES
  getsource (>= 0.1.0)

BUNDLED WITH
   1.17.2
